GEM
  remote: https://rubygems.org/
  specs:
    addressable (2.4.0)
    appium_thor (1.0.1)
      posix-spawn (~> 0.3, >= 0.3.8)
      redcarpet (~> 3.1, >= 3.1.2)
      yard (~> 0.8, >= 0.8.7.4)
    ast (2.3.0)
    builder (3.2.2)
    childprocess (0.5.9)
      ffi (~> 1.0, >= 1.0.11)
    chronic_duration (0.10.6)
      numerizer (~> 0.1.1)
    coderay (1.1.1)
    coveralls (0.8.13)
      json (~> 1.8)
      simplecov (~> 0.11.0)
      term-ansicolor (~> 1.3)
      thor (~> 0.19.1)
      tins (~> 1.6.0)
    crack (0.4.3)
      safe_yaml (~> 1.0.0)
    diff-lcs (1.2.5)
    docile (1.1.5)
    escape_utils (1.1.1)
    ffi (1.9.10)
    hashdiff (0.3.0)
    hurley (0.2)
    json (1.8.3)
    method_source (0.8.2)
    mini_portile2 (2.1.0)
    net-http-persistent (2.9.4)
    nokogiri (1.6.8)
      mini_portile2 (~> 2.1.0)
      pkg-config (~> 1.1.7)
    numerizer (0.1.1)
    oj (2.15.1)
    parser (2.3.1.2)
      ast (~> 2.2)
    pkg-config (1.1.7)
    posix-spawn (0.3.11)
    powerpack (0.1.1)
    pry (0.10.3)
      coderay (~> 1.1.0)
      method_source (~> 0.8.1)
      slop (~> 3.4)
    rainbow (2.1.0)
    rake (11.1.2)
    redcarpet (3.3.4)
    rspec (3.4.0)
      rspec-core (~> 3.4.0)
      rspec-expectations (~> 3.4.0)
      rspec-mocks (~> 3.4.0)
    rspec-core (3.4.4)
      rspec-support (~> 3.4.0)
    rspec-expectations (3.4.0)
      diff-lcs (>= 1.2.0, < 2.0)
      rspec-support (~> 3.4.0)
    rspec-mocks (3.4.1)
      diff-lcs (>= 1.2.0, < 2.0)
      rspec-support (~> 3.4.0)
    rspec-retry (0.4.5)
      rspec-core
    rspec-support (3.4.1)
    rspec_flake (0.2.3)
      chronic_duration (~> 0.10.6)
      escape_utils (~> 1.1.0)
      nokogiri (~> 1.6.5)
      posix-spawn (~> 0.3.9)
      xml-simple (~> 1.1.4)
    rspec_junit (4.0.4)
      builder (>= 3.2.2)
      rspec (>= 3.3.0)
    rubocop (0.40.0)
      parser (>= 2.3.1.0, < 3.0)
      powerpack (~> 0.1)
      rainbow (>= 1.99.1, < 3.0)
      ruby-progressbar (~> 1.7)
      unicode-display_width (~> 1.0, >= 1.0.1)
    ruby-progressbar (1.8.1)
    rubyzip (1.2.0)
    safe_yaml (1.0.4)
    sauce_documentation (0.0.4)
      rspec (>= 3.3.0)
    sauce_platforms (3.0.1)
    sauce_rspec (1.0.7)
      addressable (>= 2.3.8)
      hurley (>= 0.2)
      oj (>= 2.13)
      rspec (>= 3.3.0)
      test-queue-split (>= 0.3.2)
      webdriver_utils (>= 1.0.2)
    selenium-webdriver (2.53.0)
      childprocess (~> 0.5)
      rubyzip (~> 1.0)
      websocket (~> 1.0)
    simplecov (0.11.2)
      docile (~> 1.1.0)
      json (~> 1.8)
      simplecov-html (~> 0.10.0)
    simplecov-html (0.10.0)
    slop (3.6.0)
    term-ansicolor (1.3.2)
      tins (~> 1.0)
    test-queue-split (0.3.2)
    thor (0.19.1)
    tins (1.6.0)
    trace_files (1.0.0)
    unicode-display_width (1.0.5)
    webdriver_utils (1.0.2)
      selenium-webdriver (>= 2.45.0)
    webmock (2.1.0)
      addressable (>= 2.3.6)
      crack (>= 0.3.2)
      hashdiff
    websocket (1.2.3)
    xml-simple (1.1.5)
    yard (0.8.7.6)

PLATFORMS
  ruby

DEPENDENCIES
  appium_thor (>= 1.0.1)
  bundler (>= 1.10.6)
  coveralls (>= 0.8.3)
  net-http-persistent (>= 2.9.4)
  pry (>= 0.10.2)
  rake (>= 10.4.2)
  rspec (>= 3.4.0)
  rspec-retry (>= 0.4.5)
  rspec_flake (>= 0.2.3)
  rspec_junit (>= 4.0.2)
  rubocop (>= 0.34.2)
  sauce_documentation (>= 0.0.4)
  sauce_platforms (>= 2.0.0)
  sauce_rspec (>= 1.0.3)
  test-queue-split (>= 0.3.2)
  thor (~> 0.19.1)
  trace_files (>= 1.0.0)
  webdriver_utils (>= 1.0.2)
  webmock (>= 1.21.0)

BUNDLED WITH
   1.12.5
