GEM
  remote: https://rubygems.org/
  specs:
    angular_automation (0.0.21)
      angular_page_object (>= 1.0.0)
      angular_webdriver (>= 1.0.1)
      page_object_stubs (>= 1.0.0)
      pry (>= 0.10.1)
      rake (>= 10.4.2)
      rspec_flake (>= 0.2.2)
      rspec_junit (>= 2.0.1)
      sauce-connect (>= 3.6.0)
      sauce_platforms (>= 1.0.0)
      sauce_ruby (>= 3.5.8)
      trace_files (>= 0.0.2)
    angular_page_object (1.0.0)
      page-object (~> 1.1.0)
      selenium-webdriver (>= 2.46.2)
      watir-webdriver (>= 0.7.0)
    angular_webdriver (1.0.1)
      selenium-webdriver (= 2.46.2)
      watir-webdriver (= 0.7.0)
      webdriver_utils (>= 0.0.5)
    ast (2.0.0)
    builder (3.2.2)
    childprocess (0.5.6)
      ffi (~> 1.0, >= 1.0.11)
    cmdparse (3.0.1)
    coderay (1.1.0)
    data_magic (0.21)
      faker (>= 1.1.2)
      yml_reader (>= 0.4)
    diff-lcs (1.2.5)
    domain_name (0.5.24)
      unf (>= 0.0.5, < 1.0.0)
    escape_utils (1.0.1)
    faker (1.4.3)
      i18n (~> 0.5)
    ffi (1.9.8)
    highline (1.7.2)
    http-cookie (1.0.2)
      domain_name (~> 0.5)
    i18n (0.7.0)
    json (1.8.3)
    method_source (0.8.2)
    mime-types (2.6.1)
    mini_portile (0.6.2)
    multi_json (1.11.0)
    net-http-persistent (2.9.4)
    net-ssh (2.9.2)
    net-ssh-gateway (1.2.0)
      net-ssh (>= 2.6.5)
    netrc (0.10.3)
    nokogiri (1.6.6.2)
      mini_portile (~> 0.6.0)
    page-object (1.1.0)
      page_navigation (>= 0.9)
      selenium-webdriver (>= 2.44.0)
      watir-webdriver (>= 0.6.11)
    page_navigation (0.9)
      data_magic (>= 0.14)
    page_object_stubs (1.0.0)
      parser (~> 2.2.2.2)
    parallel (1.6.0)
    parallel_tests (1.3.7)
      parallel
    parser (2.2.2.5)
      ast (>= 1.1, < 3.0)
    posix-spawn (0.3.11)
    pry (0.10.1)
      coderay (~> 1.1.0)
      method_source (~> 0.8.1)
      slop (~> 3.4)
    rake (10.4.2)
    rest-client (1.8.0)
      http-cookie (>= 1.0.2, < 2.0)
      mime-types (>= 1.16, < 3.0)
      netrc (~> 0.7)
    rspec (3.2.0)
      rspec-core (~> 3.2.0)
      rspec-expectations (~> 3.2.0)
      rspec-mocks (~> 3.2.0)
    rspec-core (3.2.3)
      rspec-support (~> 3.2.0)
    rspec-expectations (3.2.1)
      diff-lcs (>= 1.2.0, < 2.0)
      rspec-support (~> 3.2.0)
    rspec-mocks (3.2.1)
      diff-lcs (>= 1.2.0, < 2.0)
      rspec-support (~> 3.2.0)
    rspec-support (3.2.2)
    rspec_flake (0.2.2)
      escape_utils (~> 1.0.1)
      nokogiri (~> 1.6.5)
      posix-spawn (~> 0.3.9)
      xml-simple (~> 1.1.4)
    rspec_junit (2.0.1)
      builder (>= 3.2.2)
      rspec (>= 3.2.0)
    rubyzip (1.1.7)
    sauce (3.5.6)
      childprocess (>= 0.1.6)
      cmdparse (>= 2.0.2)
      highline (>= 1.5.0)
      json (>= 1.2.0)
      net-http-persistent
      net-ssh
      net-ssh-gateway
      parallel_tests (>= 1.1.1, <= 1.3.7)
      rest-client
      sauce_whisk (~> 0.0.11)
      selenium-webdriver (>= 0.1.2)
    sauce-connect (3.6.0)
      sauce (~> 3.5)
    sauce_platforms (1.0.0)
    sauce_ruby (3.5.8)
      childprocess (>= 0.1.6)
      cmdparse (>= 2.0.2)
      highline (>= 1.5.0)
      json (>= 1.2.0)
      net-http-persistent
      net-ssh
      net-ssh-gateway
      parallel_tests (>= 1.1.1, <= 1.3.7)
      rest-client
      sauce_whisk (~> 0.0.11)
      selenium-webdriver (>= 0.1.2)
    sauce_whisk (0.0.18)
      json (~> 1.8.1)
      rest-client (~> 1.7)
    selenium-webdriver (2.46.2)
      childprocess (~> 0.5)
      multi_json (~> 1.0)
      rubyzip (~> 1.0)
      websocket (~> 1.0)
    slop (3.6.0)
    thor (0.19.1)
    trace_files (0.0.2)
    unf (0.1.4)
      unf_ext
    unf_ext (0.0.7.1)
    watir-webdriver (0.7.0)
      selenium-webdriver (>= 2.45)
    webdriver_utils (0.0.5)
      selenium-webdriver (>= 2.45.0)
    websocket (1.2.2)
    xml-simple (1.1.5)
    yml_reader (0.5)

PLATFORMS
  ruby

DEPENDENCIES
  angular_automation (>= 0.0.21)
  thor (~> 0.19.1)
